GEM
  remote: https://rubygems.org/
  specs:
    Ascii85 (1.1.0)
    afm (0.2.2)
    coderay (1.1.3)
    hashery (2.1.2)
    method_source (1.0.0)
    mimemagic (0.4.3)
      nokogiri (~> 1)
      rake
    nokogiri (1.12.3-x86_64-linux)
      racc (~> 1.4)
    pdf-inspector (1.3.0)
      pdf-reader (>= 1.0, < 3.0.a)
    pdf-reader (2.5.0)
      Ascii85 (~> 1.0)
      afm (~> 0.2.1)
      hashery (~> 2.0)
      ruby-rc4
      ttfunk
    pry (0.14.1)
      coderay (~> 1.1)
      method_source (~> 1.0)
    racc (1.5.2)
    rake (13.0.6)
    rtesseract (3.1.2)
    ruby-rc4 (0.1.5)
    ttfunk (1.7.0)

PLATFORMS
  x86_64-linux

DEPENDENCIES
  mimemagic
  pdf-inspector
  pry
  rtesseract

BUNDLED WITH
   2.2.19
